GEM
  remote: https://rubygems.org/
  specs:
    activemodel (3.2.8)
      activesupport (= 3.2.8)
      builder (~> 3.0.0)
    activesupport (3.2.8)
      i18n (~> 0.6)
      multi_json (~> 1.0)
    beefcake (0.3.7)
    builder (3.0.0)
    i18n (0.6.0)
    multi_json (1.3.6)
    rake (0.9.2.2)
    riak-client (1.0.4)
      beefcake (~> 0.3.7)
      builder (>= 2.1.2)
      i18n (>= 0.4.0)
      multi_json (~> 1.0)
    ripple (1.0.0.beta2)
      activemodel (>= 3.0.0, < 3.3.0)
      activesupport (>= 3.0.0, < 3.3.0)
      riak-client (~> 1.0.0)
      tzinfo
    tzinfo (0.3.33)

PLATFORMS
  ruby

DEPENDENCIES
  rake
  ripple (~> 1.0.0.beta2)
